GIT
  remote: git://github.com/Shopify/active_shipping.git
  revision: 6be70c68574a9e420493ec628599da9cd9e84985
  ref: 6be70c68574a9e420493
  specs:
    active_shipping (0.9.13)
      activesupport (>= 2.3.5)

GIT
  remote: git://github.com/railsdog/deface.git
  revision: c3a86655f5639d0d4c33fa56a3bd3595ce76880c
  specs:
    deface (0.7.0)
      nokogiri (~> 1.5.0)
      rails (>= 3.0.9)

GIT
  remote: git://github.com/spree/spree.git
  revision: bb2831b159d39f3199f143d65f3e9ae0bff7aaa8
  specs:
    spree (0.70.0)
      spree_api (= 0.70.0)
      spree_auth (= 0.70.0)
      spree_core (= 0.70.0)
      spree_dash (= 0.70.0)
      spree_promo (= 0.70.0)
      spree_sample (= 0.70.0)
    spree_api (0.70.0)
      spree_auth (= 0.70.0)
      spree_core (= 0.70.0)
    spree_auth (0.70.0)
      cancan (= 1.6.5)
      devise (= 1.4.7)
      spree_core (= 0.70.0)
    spree_core (0.70.0)
      activemerchant (= 1.17.0)
      acts_as_list (= 0.1.4)
      deface (>= 0.7.0)
      faker (= 1.0.0)
      highline (= 1.6.2)
      jquery-rails (>= 1.0.14)
      kaminari (>= 0.12.4)
      meta_search (= 1.1.1)
      nested_set (= 1.6.8)
      paperclip (= 2.4.1)
      rails (= 3.1.1)
      rd_find_by_param (= 0.1.1)
      rd_resource_controller
      state_machine (= 1.0.1)
      stringex (= 1.0.3)
    spree_dash (0.70.0)
      spree_core (= 0.70.0)
    spree_promo (0.70.0)
      spree_auth (= 0.70.0)
      spree_core (= 0.70.0)
    spree_sample (0.70.0)
      spree_core (= 0.70.0)

GIT
  remote: git://github.com/spree/spree_active_shipping.git
  revision: a59b4eb9a16d95edc122b86e04c26df188887243
  specs:
    spree_active_shipping (1.1.0)
      active_shipping (= 0.9.13)
      spree_core (>= 0.70.0)

GIT
  remote: git://github.com/spree/spree_editor.git
  revision: 4450053172bacafcec79120d3ffe013573db2aa9
  specs:
    spree_editor (0.50.1)
      spree_core (>= 0.40.0)

GIT
  remote: git://github.com/spree/spree_email_to_friend.git
  revision: aa68252f46eebe63243ea417b69f1bc1cb149d10
  specs:
    spree_email_to_friend (1.2)
      recaptcha (>= 0.3.1)
      spree_auth (>= 0.70.0)
      spree_core (>= 0.70.0)

GIT
  remote: git://github.com/spree/spree_paypal_express.git
  revision: bea1aa48e0089083546bec4b19565a40e9a50a20
  specs:
    spree_paypal_express (1.0.1)
      spree_core (>= 0.40.3)

GIT
  remote: git://github.com/spree/spree_rdr_theme.git
  revision: 263a0a4ccf7a10b65c21aed2dd885260f40464dc
  specs:
    spree_rdr_theme (0.1.0)

GIT
  remote: git://github.com/spree/spree_recently_viewed.git
  revision: 0130f74b843f960bd353acc228335e450b3a01ff
  ref: 0130f74b843f960bd353
  specs:
    spree_recently_viewed (1.1)
      spree_core (>= 0.40.0)

GIT
  remote: git://github.com/spree/spree_related_products.git
  revision: 0f6e345240c23e427e341ee66c5312cd61780ea4
  ref: 0f6e345240c23e427e34
  specs:
    spree_related_products (3.2)
      spree_core

GIT
  remote: git://github.com/spree/spree_social.git
  revision: 1a99e011a44ce1aeaf73103e83ed873df82cb490
  specs:
    spree_social (1.3)
      oa-oauth (>= 0.3.2)
      spree_auth (>= 0.60.1)

GIT
  remote: git://github.com/spree/spree_static_content.git
  revision: 50168594c51ee370853ba2d9b4b1b9d704a8b74a
  specs:
    spree_static_content (0.60.2)
      formtastic (~> 2.0.0.rc5)
      spree_core (>= 0.60.0)
      spree_editor (>= 0.50.0)

GIT
  remote: git://github.com/spree/spree_wishlist.git
  revision: c7439e20af3f2aeb803356d815d7c14c0d2889f5
  specs:
    spree_wishlist (1.2)
      spree_core (>= 0.30.1)

GIT
  remote: https://ghro:btDMNirRZ8YF2V@github.com/spree/spree_analytics.git
  revision: 3d2e0324c6803f1f1db925415debedba667c68d3
  specs:
    spree_analytics (0.1.0)
      rest-client
      spree_core (>= 0.60.2)

GEM
  remote: http://rubygems.org/
  specs:
    actionmailer (3.1.1)
      actionpack (= 3.1.1)
      mail (~> 2.3.0)
    actionpack (3.1.1)
      activemodel (= 3.1.1)
      activesupport (= 3.1.1)
      builder (~> 3.0.0)
      erubis (~> 2.7.0)
      i18n (~> 0.6)
      rack (~> 1.3.2)
      rack-cache (~> 1.1)
      rack-mount (~> 0.8.2)
      rack-test (~> 0.6.1)
      sprockets (~> 2.0.2)
    activemerchant (1.17.0)
      activesupport (>= 2.3.11)
      braintree (>= 2.0.0)
      builder (>= 2.0.0)
      json (>= 1.5.1)
    activemodel (3.1.1)
      activesupport (= 3.1.1)
      builder (~> 3.0.0)
      i18n (~> 0.6)
    activerecord (3.1.1)
      activemodel (= 3.1.1)
      activesupport (= 3.1.1)
      arel (~> 2.2.1)
      tzinfo (~> 0.3.29)
    activeresource (3.1.1)
      activemodel (= 3.1.1)
      activesupport (= 3.1.1)
    activesupport (3.1.1)
      multi_json (~> 1.0)
    acts_as_list (0.1.4)
    addressable (2.2.6)
    arel (2.2.1)
    aws-s3 (0.6.2)
      builder
      mime-types
      xml-simple
    bcrypt-ruby (3.0.1)
    braintree (2.12.0)
      builder (>= 2.0.0)
    builder (3.0.0)
    cancan (1.6.5)
    capistrano (2.9.0)
      highline
      net-scp (>= 1.0.0)
      net-sftp (>= 2.0.0)
      net-ssh (>= 2.0.14)
      net-ssh-gateway (>= 1.1.0)
    capybara (0.4.0)
      celerity (>= 0.7.9)
      culerity (>= 0.2.4)
      mime-types (>= 1.16)
      nokogiri (>= 1.3.3)
      rack (>= 1.0.0)
      rack-test (>= 0.5.4)
      selenium-webdriver (>= 0.0.27)
      xpath (~> 0.1.2)
    celerity (0.9.1)
    childprocess (0.2.2)
      ffi (~> 1.0.6)
    cocaine (0.2.0)
    coffee-rails (3.1.1)
      coffee-script (>= 2.2.0)
      railties (~> 3.1.0)
    coffee-script (2.2.0)
      coffee-script-source
      execjs
    coffee-script-source (1.1.2)
    columnize (0.3.4)
    cucumber (1.1.0)
      builder (>= 2.1.2)
      diff-lcs (>= 1.1.2)
      gherkin (~> 2.5.0)
      json (>= 1.4.6)
      term-ansicolor (>= 1.0.6)
    cucumber-rails (0.4.1)
      cucumber (>= 0.10.1)
      nokogiri (>= 1.4.4)
      rack-test (>= 0.5.7)
    culerity (0.2.15)
    database_cleaner (0.6.7)
    devise (1.4.7)
      bcrypt-ruby (~> 3.0)
      orm_adapter (~> 0.0.3)
      warden (~> 1.0.3)
    diff-lcs (1.1.3)
    erubis (2.7.0)
    execjs (1.2.9)
      multi_json (~> 1.0)
    factory_girl (2.2.0)
      activesupport
    factory_girl_rails (1.3.0)
      factory_girl (~> 2.2.0)
      railties (>= 3.0.0)
    faker (1.0.0)
      i18n (~> 0.4)
    faraday (0.7.5)
      addressable (~> 2.2.6)
      multipart-post (~> 1.1.3)
      rack (>= 1.1.0, < 2)
    ffi (1.0.9)
    foreman (0.25.0)
      term-ansicolor (~> 1.0.5)
      thor (>= 0.13.6)
    formtastic (2.0.2)
      rails (~> 3.0)
    gherkin (2.5.4)
      json (>= 1.4.6)
    highline (1.6.2)
    hike (1.2.1)
    hoptoad_notifier (2.4.11)
      activesupport
      builder
    i18n (0.6.0)
    jquery-rails (1.0.16)
      railties (~> 3.0)
      thor (~> 0.14)
    json (1.6.1)
    json_pure (1.6.1)
    kaminari (0.12.4)
      rails (>= 3.0.0)
    kgio (2.6.0)
    launchy (2.0.5)
      addressable (~> 2.2.6)
    libv8 (3.3.10.2)
    linecache (0.46)
      rbx-require-relative (> 0.0.4)
    mail (2.3.0)
      i18n (>= 0.4.0)
      mime-types (~> 1.16)
      treetop (~> 1.4.8)
    meta_search (1.1.1)
      actionpack (~> 3.1.0)
      activerecord (~> 3.1.0)
      activesupport (~> 3.1.0)
      polyamorous (~> 0.5.0)
    mime-types (1.17.2)
    multi_json (1.0.3)
    multi_xml (0.4.1)
    multipart-post (1.1.3)
    mysql2 (0.3.7)
    nested_set (1.6.8)
      activerecord (>= 3.0.0)
      railties (>= 3.0.0)
    net-scp (1.0.4)
      net-ssh (>= 1.99.1)
    net-sftp (2.0.5)
      net-ssh (>= 2.0.9)
    net-ssh (2.2.1)
    net-ssh-gateway (1.1.0)
      net-ssh (>= 1.99.1)
    newrelic_rpm (3.2.0)
    nokogiri (1.5.0)
    oa-core (0.3.2)
    oa-oauth (0.3.2)
      faraday (~> 0.7.3)
      multi_json (~> 1.0.0)
      multi_xml (~> 0.4.0)
      oa-core (= 0.3.2)
      oauth (~> 0.4.0)
      oauth2 (~> 0.5.0)
    oauth (0.4.5)
    oauth2 (0.5.1)
      faraday (~> 0.7.4)
      multi_json (~> 1.0.3)
    orm_adapter (0.0.5)
    paperclip (2.4.1)
      activerecord (>= 2.3.0)
      activesupport (>= 2.3.2)
      cocaine (>= 0.0.2)
      mime-types
    polyamorous (0.5.0)
      activerecord (~> 3.0)
    polyglot (0.3.2)
    rack (1.3.5)
    rack-cache (1.1)
      rack (>= 0.4)
    rack-mount (0.8.3)
      rack (>= 1.0.0)
    rack-ssl (1.3.2)
      rack
    rack-test (0.6.1)
      rack (>= 1.0)
    rails (3.1.1)
      actionmailer (= 3.1.1)
      actionpack (= 3.1.1)
      activerecord (= 3.1.1)
      activeresource (= 3.1.1)
      activesupport (= 3.1.1)
      bundler (~> 1.0)
      railties (= 3.1.1)
    railties (3.1.1)
      actionpack (= 3.1.1)
      activesupport (= 3.1.1)
      rack-ssl (~> 1.3.2)
      rake (>= 0.8.7)
      rdoc (~> 3.4)
      thor (~> 0.14.6)
    raindrops (0.8.0)
    rake (0.9.2.2)
    rbx-require-relative (0.0.5)
    rd_find_by_param (0.1.1)
      activerecord (~> 3.0)
      activesupport (~> 3.0)
    rd_resource_controller (1.0.1)
    rdoc (3.11)
      json (~> 1.4)
    recaptcha (0.3.1)
    rest-client (1.6.7)
      mime-types (>= 1.16)
    rspec (2.7.0)
      rspec-core (~> 2.7.0)
      rspec-expectations (~> 2.7.0)
      rspec-mocks (~> 2.7.0)
    rspec-core (2.7.1)
    rspec-expectations (2.7.0)
      diff-lcs (~> 1.1.2)
    rspec-mocks (2.7.0)
    rspec-rails (2.7.0)
      actionpack (~> 3.0)
      activesupport (~> 3.0)
      railties (~> 3.0)
      rspec (~> 2.7.0)
    ruby-debug (0.10.4)
      columnize (>= 0.1)
      ruby-debug-base (~> 0.10.4.0)
    ruby-debug-base (0.10.4)
      linecache (>= 0.3)
    rubyzip (0.9.4)
    sass (3.1.10)
    sass-rails (3.1.4)
      actionpack (~> 3.1.0)
      railties (~> 3.1.0)
      sass (>= 3.1.4)
      sprockets (~> 2.0.0)
      tilt (~> 1.3.2)
    selenium-webdriver (2.9.1)
      childprocess (>= 0.2.1)
      ffi (= 1.0.9)
      json_pure
      rubyzip
    sprockets (2.0.3)
      hike (~> 1.2)
      rack (~> 1.0)
      tilt (!= 1.3.0, ~> 1.1)
    sqlite3 (1.3.4)
    state_machine (1.0.1)
    stringex (1.0.3)
    term-ansicolor (1.0.7)
    therubyracer (0.9.8)
      libv8 (~> 3.3.10)
    thor (0.14.6)
    tilt (1.3.3)
    treetop (1.4.10)
      polyglot
      polyglot (>= 0.3.1)
    tzinfo (0.3.30)
    uglifier (1.0.4)
      execjs (>= 0.3.0)
      multi_json (>= 1.0.2)
    unicorn (4.1.1)
      kgio (~> 2.4)
      rack
      raindrops (~> 0.6)
    warden (1.0.6)
      rack (>= 1.0)
    xml-simple (1.1.1)
    xpath (0.1.4)
      nokogiri (~> 1.3)

PLATFORMS
  ruby

DEPENDENCIES
  active_shipping!
  aws-s3
  capistrano
  capybara (= 0.4.0)
  coffee-rails (~> 3.1.1)
  cucumber-rails (>= 0.3.2)
  database_cleaner
  deface!
  factory_girl_rails
  foreman
  hoptoad_notifier
  launchy (>= 0.3.7)
  mysql2
  newrelic_rpm
  rails (= 3.1.1)
  rspec-rails (>= 2.0.1)
  ruby-debug
  sass-rails (~> 3.1.4)
  spree!
  spree_active_shipping!
  spree_analytics!
  spree_editor!
  spree_email_to_friend!
  spree_paypal_express!
  spree_rdr_theme!
  spree_recently_viewed!
  spree_related_products!
  spree_social!
  spree_static_content!
  spree_wishlist!
  sqlite3
  therubyracer
  uglifier (>= 1.0.3)
  unicorn
